GEM
  remote: https://rubygems.org/
  specs:
    clir (0.24.2)
      json
      tty-prompt
    date (3.4.1)
    json (2.12.2)
    pastel (0.8.0)
      tty-color (~> 0.5)
    power_assert (2.0.5)
    ruby2d (0.12.1)
    test-unit (3.7.0)
      power_assert
    tty-color (0.6.0)
    tty-cursor (0.7.1)
    tty-prompt (0.23.1)
      pastel (~> 0.8)
      tty-reader (~> 0.8)
    tty-reader (0.9.0)
      tty-cursor (~> 0.7)
      tty-screen (~> 0.8)
      wisper (~> 2.0)
    tty-screen (0.8.2)
    wisper (2.0.1)
    yaml (0.4.0)

PLATFORMS
  arm64-darwin-24

DEPENDENCIES
  clir (= 0.24.2)
  date (= 3.4.1)
  ruby2d (= 0.12.1)
  test-unit
  yaml (= 0.4.0)

BUNDLED WITH
   2.4.19
